PATH
  remote: .
  specs:
    interface (0.0.4)

GEM
  remote: https://rubygems.org/
  specs:
    codeclimate-test-reporter (0.4.7)
      simplecov (>= 0.7.1, < 1.0.0)
    docile (1.1.5)
    multi_json (1.10.1)
    rake (10.1.0)
    simplecov (0.9.2)
      docile (~> 1.1.0)
      multi_json (~> 1.0)
      simplecov-html (~> 0.9.0)
    simplecov-html (0.9.0)
    test-unit (2.1.5.0)

PLATFORMS
  ruby

DEPENDENCIES
  codeclimate-test-reporter
  interface!
  rake
  test-unit
